GEM
  remote: http://rubygems.org/
  specs:
    addressable (2.4.0)
    backports (3.11.4)
    colorator (1.1.0)
    ethon (0.12.0)
      ffi (>= 1.3.0)
    faraday (0.15.4)
      multipart-post (>= 1.2, < 3)
    faraday_middleware (0.13.0)
      faraday (>= 0.7.4, < 1.0)
    ffi (1.10.0)
    forwardable-extended (2.6.0)
    gh (0.15.1)
      addressable (~> 2.4.0)
      backports
      faraday (~> 0.8)
      multi_json (~> 1.0)
      net-http-persistent (~> 2.9)
      net-http-pipeline
    highline (1.7.10)
    jekyll (3.6.3)
      addressable (~> 2.4)
      colorator (~> 1.0)
      jekyll-sass-converter (~> 1.0)
      jekyll-watch (~> 1.1)
      kramdown (~> 1.14)
      liquid (~> 4.0)
      mercenary (~> 0.3.3)
      pathutil (~> 0.9)
      rouge (>= 1.7, < 3)
      safe_yaml (~> 1.0)
    jekyll-sass-converter (1.5.2)
      sass (~> 3.4)
    jekyll-watch (1.5.1)
      listen (~> 3.0)
    json (2.1.0)
    kramdown (1.17.0)
    launchy (2.4.3)
      addressable (~> 2.3)
    liquid (4.0.1)
    listen (3.1.5)
      rb-fsevent (~> 0.9, >= 0.9.4)
      rb-inotify (~> 0.9, >= 0.9.7)
      ruby_dep (~> 1.2)
    mercenary (0.3.6)
    multi_json (1.13.1)
    multipart-post (2.0.0)
    net-http-persistent (2.9.4)
    net-http-pipeline (1.0.1)
    pathutil (0.16.2)
      forwardable-extended (~> 2.6)
    pusher-client (0.6.2)
      json
      websocket (~> 1.0)
    pygments.rb (1.2.1)
      multi_json (>= 1.0.0)
    rake (10.4.2)
    rb-fsevent (0.10.3)
    rb-inotify (0.10.0)
      ffi (~> 1.0)
    rouge (2.2.1)
    ruby_dep (1.5.0)
    safe_yaml (1.0.4)
    sass (3.5.7)
      sass-listen (~> 4.0.0)
    sass-listen (4.0.0)
      rb-fsevent (~> 0.9, >= 0.9.4)
      rb-inotify (~> 0.9, >= 0.9.7)
    travis (1.8.9)
      backports
      faraday (~> 0.9)
      faraday_middleware (~> 0.9, >= 0.9.1)
      gh (~> 0.13)
      highline (~> 1.6)
      launchy (~> 2.1)
      pusher-client (~> 0.4)
      typhoeus (~> 0.6, >= 0.6.8)
    typhoeus (0.8.0)
      ethon (>= 0.8.0)
    websocket (1.2.8)

PLATFORMS
  ruby

DEPENDENCIES
  colorator (~> 1.1.0)
  jekyll (~> 3.6.2)
  pygments.rb (~> 1.2.0)
  rake (~> 10.4.2)
  sass (~> 3.5.2)
  travis (~> 1.8)

BUNDLED WITH
   2.0.1
